PATH
  remote: ..
  specs:
    photon-cli (0.0.4)
      faraday (~> 0.8.7)
      formatador (~> 0.2.5)
      highline (~> 1.7.3)
      json (~> 1.8)
      netaddr (>= 1.5, < 2.1)
      terminal-table (~> 1.4.5)

GEM
  remote: https://rubygems.org/
  specs:
    faraday (0.8.11)
      multipart-post (~> 1.2.0)
    formatador (0.2.5)
    highline (1.7.10)
    json (1.8.6)
    multipart-post (1.2.0)
    netaddr (2.0.4)
    terminal-table (1.4.5)

PLATFORMS
  ruby

DEPENDENCIES
  bundler
  photon-cli!
