PATH
  remote: ..
  specs:
    photon-cli (0.0.4)
      faraday (~> 0.8.7)
      formatador (~> 0.2.5)
      highline (~> 1.7.3)
      json (>= 1.8, < 3.0)
      netaddr (~> 1.5.0)
      terminal-table (~> 1.4.5)

GEM
  remote: https://rubygems.org/
  specs:
    faraday (0.8.11)
      multipart-post (~> 1.2.0)
    formatador (0.2.5)
    highline (1.7.10)
    json (2.3.1)
    multipart-post (1.2.0)
    netaddr (1.5.1)
    terminal-table (1.4.5)

PLATFORMS
  ruby

DEPENDENCIES
  bundler
  photon-cli!
